GEM
  remote: https://rubygems.org/
  specs:
    mini-smtp-server (0.0.2)
    redis (3.0.7)

PLATFORMS
  ruby

DEPENDENCIES
  mini-smtp-server
  redis
